GEM
  remote: http://rubygems.org/
  specs:
    domain_name (0.5.3)
      unf (~> 0.0.3)
    json (1.7.0)
    mechanize (2.5)
      domain_name (>= 0.5.1, ~> 0.5)
      mime-types (>= 1.17.2, ~> 1.17)
      net-http-digest_auth (>= 1.1.1, ~> 1.1)
      net-http-persistent (>= 2.5.2, ~> 2.5)
      nokogiri (~> 1.4)
      ntlm-http (>= 0.1.1, ~> 0.1)
      webrobots (>= 0.0.9, ~> 0.0)
    mime-types (1.18)
    net-http-digest_auth (1.2)
    net-http-persistent (2.6)
    nokogiri (1.5.2)
    ntlm-http (0.1.1)
    rack (1.4.1)
    rack-protection (1.2.0)
      rack
    sinatra (1.3.2)
      rack (>= 1.3.6, ~> 1.3)
      rack-protection (~> 1.2)
      tilt (>= 1.3.3, ~> 1.3)
    tilt (1.3.3)
    unf (0.0.5)
      unf_ext
    unf_ext (0.0.4)
    webrobots (0.0.13)

PLATFORMS
  ruby

DEPENDENCIES
  json
  mechanize
  sinatra
